GEM
  remote: https://rubygems.org/
  specs:
    ffi (1.15.5)
    fiddle (1.1.0)

PLATFORMS
  x86_64-linux

DEPENDENCIES
  ffi
  fiddle

BUNDLED WITH
   2.3.12
